GEM
  remote: http://rubygems.org/
  specs:
    diff-lcs (1.1.3)
    eventmachine (0.12.10)
    eventmachine (0.12.10-java)
    fakeweb (1.3.0)
    flexmock (0.9.0)
    json (1.5.4)
    json (1.5.4-java)
    rcov (0.9.10)
    rcov (0.9.10-java)
    rspec (2.6.0)
      rspec-core (~> 2.6.0)
      rspec-expectations (~> 2.6.0)
      rspec-mocks (~> 2.6.0)
    rspec-core (2.6.4)
    rspec-expectations (2.6.0)
      diff-lcs (~> 1.1.2)
    rspec-mocks (2.6.0)

PLATFORMS
  java
  ruby

DEPENDENCIES
  eventmachine
  fakeweb
  flexmock
  json
  rcov
  rspec (>= 2.0.0)
